GEM
  remote: http://rubygems.org/
  specs:
    addressable (2.2.6)
    archive-tar-minitar (0.5.2)
    columnize (0.3.3)
    em-http-request (0.3.0)
      addressable (>= 2.0.0)
      escape_utils
      eventmachine (>= 0.12.9)
    escape_utils (0.2.3)
    eventmachine (0.12.10)
    git (1.2.5)
    hashery (1.4.0)
    jeweler (1.6.2)
      bundler (~> 1.0)
      git (>= 1.2.5)
      rake
    libxml-ruby (2.0.6)
    linecache19 (0.5.12)
      ruby_core_source (>= 0.1.4)
    rake (0.9.2)
    rcov (0.9.9)
    ruby-debug-base19 (0.11.25)
      columnize (>= 0.3.1)
      linecache19 (>= 0.5.11)
      ruby_core_source (>= 0.1.4)
    ruby-debug19 (0.11.6)
      columnize (>= 0.3.1)
      linecache19 (>= 0.5.11)
      ruby-debug-base19 (>= 0.11.19)
    ruby-hmac (0.4.0)
    ruby_core_source (0.1.5)
      archive-tar-minitar (>= 0.5.2)

PLATFORMS
  ruby

DEPENDENCIES
  bundler (~> 1.0.0)
  em-http-request
  hashery
  jeweler (~> 1.6.2)
  libxml-ruby
  rcov
  ruby-debug19
  ruby-hmac (~> 0.4.0)
